GEM
  remote: https://rubygems.org/
  specs:
    ast (2.4.2)
    binding.repl (3.0.0)
    binding_of_caller (1.0.0)
      debug_inspector (>= 0.0.1)
    bond (0.5.1)
    cd (1.0.1)
    clipboard (1.3.5)
    code (0.9.3)
      coderay (~> 1.1)
      method_source (>= 0.9, < 2.0)
    coderay (1.1.3)
    core_docs (0.9.6)
      yard (~> 0.9.11)
    database_cleaner-core (2.0.1)
    database_cleaner-sequel (2.0.0)
      database_cleaner-core (~> 2.0.0)
      sequel
    debug_inspector (1.1.0)
    debugging (1.1.2)
      binding.repl (~> 3.0)
      paint (>= 0.9, < 3.0)
    diff-lcs (1.4.4)
    dotenv (2.7.6)
    every_day_irb (2.1.1)
      cd (~> 1.0)
    fancy_irb (1.4.3)
      paint (>= 0.9, < 3.0)
      unicode-display_width (>= 1.1)
    ffi (1.15.0)
    hirb (0.7.3)
    interactive_editor (0.0.11)
      spoon (>= 0.0.1)
    io-console (0.5.9)
    irb (1.3.5)
      reline (>= 0.1.5)
    irbtools (3.0.4)
      binding.repl (~> 3.0)
      clipboard (~> 1.3)
      code (>= 0.9.2, < 2.0)
      coderay (~> 1.1)
      debugging (~> 1.1)
      every_day_irb (~> 2.0)
      fancy_irb (~> 1.2, >= 1.2.1)
      hirb (~> 0.7, >= 0.7.3)
      interactive_editor (~> 0.0, >= 0.0.10)
      irb (>= 0.9.6)
      methodfinder (~> 2.2)
      object_shadow (~> 1.1)
      ori (~> 0.1.0)
      os
      paint (>= 0.9, < 3.0)
      ruby_engine (~> 1.0)
      ruby_info (~> 1.0)
      ruby_version (~> 1.0)
      wirb (~> 2.0, >= 2.2.1)
    irbtools-more (2.5.0)
      binding_of_caller (~> 1.0)
      bond (~> 0.5)
      core_docs (>= 0.9.6)
      irbtools (>= 2.2, < 4.0)
      looksee (~> 4.2)
    looksee (4.4.0)
    method_source (1.0.0)
    methodfinder (2.2.1)
    object_shadow (1.1.1)
    ori (0.1.0)
    os (1.1.1)
    paint (2.2.1)
    parallel (1.20.1)
    parser (3.0.1.1)
      ast (~> 2.4.1)
    pg (1.2.3)
    rainbow (3.0.0)
    rake (13.0.3)
    regexp_parser (2.1.1)
    reline (0.2.5)
      io-console (~> 0.5)
    rexml (3.2.5)
    rspec (3.10.0)
      rspec-core (~> 3.10.0)
      rspec-expectations (~> 3.10.0)
      rspec-mocks (~> 3.10.0)
    rspec-core (3.10.1)
      rspec-support (~> 3.10.0)
    rspec-expectations (3.10.1)
      diff-lcs (>= 1.2.0, < 2.0)
      rspec-support (~> 3.10.0)
    rspec-mocks (3.10.2)
      diff-lcs (>= 1.2.0, < 2.0)
      rspec-support (~> 3.10.0)
    rspec-support (3.10.2)
    rubocop (1.15.0)
      parallel (~> 1.10)
      parser (>= 3.0.0.0)
      rainbow (>= 2.2.2, < 4.0)
      regexp_parser (>= 1.8, < 3.0)
      rexml
      rubocop-ast (>= 1.5.0, < 2.0)
      ruby-progressbar (~> 1.7)
      unicode-display_width (>= 1.4.0, < 3.0)
    rubocop-ast (1.6.0)
      parser (>= 3.0.1.1)
    rubocop-rspec (2.3.0)
      rubocop (~> 1.0)
      rubocop-ast (>= 1.1.0)
    ruby-progressbar (1.11.0)
    ruby_engine (1.0.1)
    ruby_info (1.0.1)
    ruby_version (1.0.2)
    sequel (5.44.0)
    sequel_pg (1.14.0)
      pg (>= 0.18.0, != 1.2.0)
      sequel (>= 4.38.0)
    spoon (0.0.6)
      ffi
    unicode-display_width (2.0.0)
    wirb (2.2.2)
      paint (>= 0.9, < 3.0)
    yajl-ruby (1.4.1)
    yard (0.9.26)

PLATFORMS
  ruby

DEPENDENCIES
  database_cleaner-sequel (~> 2.0)
  dotenv (~> 2.7, >= 2.7.6)
  irbtools-more
  rake
  rspec (~> 3.10)
  rubocop (~> 1.15)
  rubocop-rspec (~> 2.3)
  sequel (~> 5.44)
  sequel_pg (~> 1.14)
  yajl-ruby (~> 1.4, >= 1.4.1)

BUNDLED WITH
   1.17.3
